GEM
  remote: https://rubygems.org/
  specs:
    minitest (5.14.1)
    rack (2.2.3)
    rack-test (1.1.0)
      rack (>= 1.0, < 3)

PLATFORMS
  ruby

DEPENDENCIES
  minitest (~> 5.14.1)
  rack (~> 2.2.3)
  rack-test (~> 1.1.0)

RUBY VERSION
   ruby 2.7.1p83

BUNDLED WITH
   2.1.4
